GEM
  remote: https://rubygems.org/
  specs:
    Ascii85 (1.0.2)
    afm (0.2.2)
    domain_name (0.5.20161129)
      unf (>= 0.0.5, < 1.0.0)
    down (2.3.8)
    hashery (2.1.2)
    http-cookie (1.0.3)
      domain_name (~> 0.5)
    mailgun-ruby (1.1.2)
      rest-client (~> 2.0)
    mime-types (3.1)
      mime-types-data (~> 3.2015)
    mime-types-data (3.2016.0521)
    mini_portile2 (2.1.0)
    netrc (0.11.0)
    nokogiri (1.6.8.1)
      mini_portile2 (~> 2.1.0)
    pdf-reader (1.4.0)
      Ascii85 (~> 1.0.0)
      afm (~> 0.2.1)
      hashery (~> 2.0)
      ruby-rc4
      ttfunk
    rake (10.4.2)
    rest-client (2.0.0)
      http-cookie (>= 1.0.2, < 2.0)
      mime-types (>= 1.16, < 4.0)
      netrc (~> 0.8)
    ruby-rc4 (0.1.5)
    ttfunk (1.4.0)
    unf (0.1.4)
      unf_ext
    unf_ext (0.0.7.2)

PLATFORMS
  ruby

DEPENDENCIES
  down
  mailgun-ruby (~> 1.1.2)
  nokogiri
  pdf-reader
  rake

RUBY VERSION
   ruby 2.3.0p0

BUNDLED WITH
   1.13.6
